GEM
  remote: https://rubygems.org/
  specs:
    base64 (0.2.0)
    ffi (1.15.5)
    listen (3.8.0)
      rb-fsevent (~> 0.10, >= 0.10.3)
      rb-inotify (~> 0.9, >= 0.9.10)
    minitest (5.22.3)
    mustermann (3.0.0)
      ruby2_keywords (~> 0.0.1)
    nokogiri (1.16.0-arm64-darwin)
      racc (~> 1.4)
    nokogiri (1.16.0-x86_64-linux)
      racc (~> 1.4)
    parklife (0.6.0)
      nokogiri
      rack-test
      thor
    phlex (1.11.0)
    phlex-sinatra (0.4.0)
      phlex (>= 1.7.0)
    racc (1.7.1)
    rack (3.1.8)
    rack-protection (4.0.0)
      base64 (>= 0.1.0)
      rack (>= 3.0.0, < 4)
    rack-session (2.0.0)
      rack (>= 3.0.0)
    rack-test (2.1.0)
      rack (>= 1.3)
    rackup (2.2.0)
      rack (>= 3)
    rb-fsevent (0.11.2)
    rb-inotify (0.10.1)
      ffi (~> 1.0)
    rerun (0.14.0)
      listen (~> 3.0)
    ruby2_keywords (0.0.5)
    sinatra (4.0.0)
      mustermann (~> 3.0)
      rack (>= 3.0.0, < 4)
      rack-protection (= 4.0.0)
      rack-session (>= 2.0.0, < 3)
      tilt (~> 2.0)
    thor (1.2.1)
    tilt (2.3.0)
    webrick (1.8.2)

PLATFORMS
  arm64-darwin
  x86_64-linux

DEPENDENCIES
  minitest
  parklife
  phlex-sinatra
  rackup
  rb-fsevent
  rerun
  sinatra
  webrick

BUNDLED WITH
   2.5.4
